PATH
  remote: .
  specs:
    agi (0.8.10)
      activesupport
      ruby-dnn

GEM
  remote: https://rubygems.org/
  specs:
    activesupport (6.0.3.4)
      concurrent-ruby (~> 1.0, >= 1.0.2)
      i18n (>= 0.7, < 2)
      minitest (~> 5.1)
      tzinfo (~> 1.1)
      zeitwerk (~> 2.2, >= 2.2.2)
    archive-tar-minitar (0.8)
      minitar (~> 0.8)
      minitar-cli (~> 0.8)
    byebug (11.1.3)
    coderay (1.1.3)
    concurrent-ruby (1.1.7)
    hashie (4.1.0)
    i18n (1.8.5)
      concurrent-ruby (~> 1.0)
    method_source (1.0.0)
    minitar (0.9)
    minitar-cli (0.8)
      minitar (~> 0.8.0)
      powerbar (~> 1.0)
    minitest (5.14.2)
    numo-narray (0.9.1.8)
    powerbar (1.0.18)
      hashie (>= 1.1.0)
    pry (0.13.1)
      coderay (~> 1.1)
      method_source (~> 1.0)
    pry-byebug (3.9.0)
      byebug (~> 11.0)
      pry (~> 0.13.0)
    rake (10.5.0)
    ruby-dnn (1.2.2)
      archive-tar-minitar
      numo-narray
    thread_safe (0.3.6)
    tty-cursor (0.7.1)
    tzinfo (1.2.7)
      thread_safe (~> 0.1)
    zeitwerk (2.4.0)

PLATFORMS
  ruby

DEPENDENCIES
  agi!
  bundler (~> 1.9)
  pry-byebug
  rake (~> 10.0)
  tty-cursor

BUNDLED WITH
   1.16.6
